GEM
  remote: http://rubygems.org/
  specs:
    POpen4 (0.1.4)
      Platform (>= 0.4.0)
      open4
    Platform (0.4.0)
    active_support (3.0.0)
      activesupport (= 3.0.0)
    activesupport (3.0.0)
    closure-compiler (1.1.6)
    commonjs (0.2.6)
    execjs (1.3.1)
      multi_json (~> 1.0)
    html_compressor (0.0.3)
      POpen4 (>= 0.1.4)
    kicker (2.5.0)
      rb-fsevent
    less (2.2.1)
      commonjs (~> 0.2.6)
    multi_json (1.3.4)
    open4 (1.3.0)
    rainpress (1.0)
    rake (0.9.2.2)
    rb-fsevent (0.9.1)
    uglifier (1.2.4)
      execjs (>= 0.3.0)
      multi_json (>= 1.0.2)

PLATFORMS
  ruby

DEPENDENCIES
  active_support
  closure-compiler
  html_compressor
  kicker
  less
  rainpress
  rake
  uglifier
