GEM
  remote: http://rubygems.org/
  specs:
    POpen4 (0.1.4)
      Platform (>= 0.4.0)
      open4
    Platform (0.4.0)
    active_support (3.0.0)
      activesupport (= 3.0.0)
    activesupport (3.0.0)
    closure-compiler (1.1.3)
    execjs (1.2.4)
      multi_json (~> 1.0)
    html_compressor (0.0.3)
      POpen4 (>= 0.1.4)
    kicker (2.3.1)
      rb-fsevent
    less (2.0.6)
      therubyracer (~> 0.9.2)
    libv8 (3.3.10.2)
    multi_json (1.0.3)
    open4 (1.1.0)
    rainpress (1.0)
    rake (0.9.2)
    rb-fsevent (0.4.3.1)
    therubyracer (0.9.4)
      libv8 (~> 3.3.10)
    uglifier (1.0.3)
      execjs (>= 0.3.0)
      multi_json (>= 1.0.2)

PLATFORMS
  ruby

DEPENDENCIES
  active_support
  closure-compiler
  html_compressor
  kicker
  less
  rainpress
  rake
  uglifier
